GIT
  remote: git://github.com/rjharmon/jiraSOAP.git
  revision: 6d6f84019becb67042bd0905dfaee07ed04abce1
  specs:
    jiraSOAP (0.9.2)
      handsoap (~> 1.1.8)
      nokogiri (~> 1.5.0)

GEM
  remote: http://rubygems.org/
  specs:
    activesupport (3.2.11)
      i18n (~> 0.6)
      multi_json (~> 1.0)
    backports (2.6.1)
    coffee-script (2.2.0)
      coffee-script-source
      execjs
    coffee-script-source (1.3.3)
    eventmachine (0.12.10)
    execjs (1.4.0)
      multi_json (~> 1.0)
    handsoap (1.1.8)
    i18n (0.6.1)
    json (1.7.3)
    multi_json (1.3.6)
    nokogiri (1.5.6)
    rack (1.4.1)
    rack-protection (1.2.0)
      rack
    rack-test (0.6.1)
      rack (>= 1.0)
    sass (3.1.19)
    sinatra (1.3.2)
      rack (~> 1.3, >= 1.3.6)
      rack-protection (~> 1.2)
      tilt (~> 1.3, >= 1.3.3)
    sinatra-contrib (1.3.1)
      backports (>= 2.0)
      eventmachine
      rack-protection
      rack-test
      sinatra (~> 1.3.0)
      tilt (~> 1.3)
    sinatra-reloader (1.0)
      sinatra-contrib
    sinatra-respond_to (0.8.0)
      sinatra (~> 1.3)
    slim (1.2.2)
      temple (~> 0.4.0)
      tilt (~> 1.3.3)
    temple (0.4.0)
    tilt (1.3.3)
    time-ago-in-words (0.1.2)

PLATFORMS
  ruby

DEPENDENCIES
  activesupport
  coffee-script
  jiraSOAP!
  json
  sass
  sinatra
  sinatra-reloader
  sinatra-respond_to
  slim
  time-ago-in-words
